NUGET
  remote: https://www.nuget.org/api/v2
    Node.js (5.3)
    Npm.js (2.13.1)
      Node.js (>= 0.12.7)

GROUP build
NUGET
  remote: https://www.nuget.org/api/v2
    FAKE (4.57.4)
